GEM
  remote: https://rubygems.org/
  specs:
    bcrypt (3.1.13)

PLATFORMS
  ruby

DEPENDENCIES
  bcrypt

BUNDLED WITH
   2.0.2
